GEM
  remote: http://rubygems.org/
  specs:
    activesupport (3.0.6)
    diff-lcs (1.1.2)
    haml (3.0.25)
    hpricot (0.8.4)
    i18n (0.5.0)
    icalendar (1.1.6)
    json (1.5.1)
    rack (1.2.2)
    rspec (2.5.0)
      rspec-core (~> 2.5.0)
      rspec-expectations (~> 2.5.0)
      rspec-mocks (~> 2.5.0)
    rspec-core (2.5.1)
    rspec-expectations (2.5.0)
      diff-lcs (~> 1.1.2)
    rspec-mocks (2.5.0)
    shotgun (0.9)
      rack (>= 1.0)
    sinatra (1.2.2)
      rack (~> 1.1)
      tilt (>= 1.2.2, < 2.0)
    tilt (1.2.2)

PLATFORMS
  ruby

DEPENDENCIES
  activesupport
  haml
  hpricot
  i18n
  icalendar
  json
  rack (~> 1.2.2)
  rspec
  shotgun
  sinatra (~> 1.2.2)
