GEM
  remote: http://rubygems.org/
  specs:
    activesupport (3.0.9)
    bson (1.3.1)
    bson_ext (1.3.1)
    diff-lcs (1.1.2)
    haml (3.1.2)
    hpricot (0.8.4)
    i18n (0.6.0)
    icalendar (1.1.6)
    json (1.5.3)
    mongo (1.3.1)
      bson (>= 1.3.1)
    rack (1.2.3)
    rake (0.8.7)
    rspec (2.6.0)
      rspec-core (~> 2.6.0)
      rspec-expectations (~> 2.6.0)
      rspec-mocks (~> 2.6.0)
    rspec-core (2.6.4)
    rspec-expectations (2.6.0)
      diff-lcs (~> 1.1.2)
    rspec-mocks (2.6.0)
    shotgun (0.9)
      rack (>= 1.0)
    sinatra (1.2.6)
      rack (~> 1.1)
      tilt (>= 1.2.2, < 2.0)
    tilt (1.3.2)

PLATFORMS
  ruby

DEPENDENCIES
  activesupport
  bson_ext
  haml
  hpricot
  i18n
  icalendar
  json
  mongo
  rack (~> 1.2.2)
  rake
  rspec
  shotgun
  sinatra (~> 1.2.2)
